GEM
  remote: http://rubygems.org/
  specs:
    builder (3.0.0)
    daemons (1.1.4)
    eventmachine (0.12.10)
    rack (1.3.2)
    rake (10.0.3)
    rdiscount (1.6.8)
    thin (1.3.1)
      daemons (>= 1.0.9)
      eventmachine (>= 0.12.6)
      rack (>= 1.0.0)
    toto (0.4.9)
      builder
      rack
      rdiscount

PLATFORMS
  ruby

DEPENDENCIES
  builder
  rake
  rdiscount
  thin
  toto
